GIT
  remote: https://github.com/opscode/knife-opc.git
  revision: a87374269ca7a43947ef92e90c525912797ba137
  specs:
    knife-opc (0.0.1)

GEM
  remote: https://rubygems.org/
  specs:
    addressable (2.3.6)
    capybara (2.2.1)
      mime-types (>= 1.16)
      nokogiri (>= 1.3.3)
      rack (>= 1.0.0)
      rack-test (>= 0.5.4)
      xpath (~> 2.0)
    coderay (1.1.0)
    faker (1.3.0)
      i18n (~> 0.5)
    i18n (0.6.9)
    method_source (0.8.2)
    mime-types (2.2)
    mini_portile (0.6.0)
    nokogiri (1.6.2.1)
      mini_portile (= 0.6.0)
    pry (0.9.12.6)
      coderay (~> 1.0)
      method_source (~> 0.8)
      slop (~> 3.4)
    rack (1.5.2)
    rack-test (0.6.2)
      rack (>= 1.0)
    rest-client (1.6.7)
      mime-types (>= 1.16)
    site_prism (2.6)
      addressable (~> 2.3.3)
      capybara (>= 2.1, < 3.0)
    slop (3.5.0)
    xpath (2.0.0)
      nokogiri (~> 1.3)

PLATFORMS
  ruby

DEPENDENCIES
  faker (~> 1.3)
  knife-opc!
  pry (~> 0.9)
  rest-client (~> 1.6.7)
  site_prism (~> 2.6)
